STORAGE: NONE
RESTRICTION: == netstandard2.0
NUGET
  remote: https://ci.appveyor.com/nuget/bolero
    Bolero (0.1.72)
      Elmish (>= 2.0)
      FSharp.Core (>= 4.5)
      Microsoft.AspNetCore.Blazor.Browser (>= 0.7)
      Microsoft.AspNetCore.Http.Abstractions (>= 2.1)
    Bolero.Build (0.1.72)
  remote: https://api.nuget.org/v3/index.json
    Elmish (2.0.3)
      FSharp.Core (>= 4.5.2)
    FSharp.Core (4.5.4)
    Microsoft.AspNetCore.Blazor (0.7)
      Microsoft.JSInterop (>= 0.7)
    Microsoft.AspNetCore.Blazor.Analyzers (0.7)
    Microsoft.AspNetCore.Blazor.Browser (0.7)
      Microsoft.AspNetCore.Blazor (>= 0.7)
      Microsoft.Extensions.DependencyInjection (>= 2.1)
      Mono.WebAssembly.Interop (>= 0.7)
    Microsoft.AspNetCore.Blazor.Build (0.7)
      Microsoft.AspNetCore.Blazor.Analyzers (>= 0.7)
      Microsoft.AspNetCore.Razor.Design (>= 2.1.2)
    Microsoft.AspNetCore.Blazor.Cli (0.7) - clitool: true
    Microsoft.AspNetCore.Http.Abstractions (2.2)
      Microsoft.AspNetCore.Http.Features (>= 2.2)
      System.Text.Encodings.Web (>= 4.5)
    Microsoft.AspNetCore.Http.Features (2.2)
      Microsoft.Extensions.Primitives (>= 2.2)
    Microsoft.AspNetCore.Razor.Design (2.1.2)
    Microsoft.Extensions.DependencyInjection (2.2)
      Microsoft.Extensions.DependencyInjection.Abstractions (>= 2.2)
    Microsoft.Extensions.DependencyInjection.Abstractions (2.2)
    Microsoft.Extensions.Primitives (2.2)
      System.Memory (>= 4.5.1)
      System.Runtime.CompilerServices.Unsafe (>= 4.5.1)
    Microsoft.JSInterop (0.7)
    Mono.WebAssembly.Interop (0.7)
      Microsoft.JSInterop (>= 0.7)
    System.Buffers (4.5)
    System.Memory (4.5.1)
      System.Buffers (>= 4.4)
      System.Numerics.Vectors (>= 4.4)
      System.Runtime.CompilerServices.Unsafe (>= 4.5)
    System.Numerics.Vectors (4.5)
    System.Runtime.CompilerServices.Unsafe (4.5.2)
    System.Text.Encodings.Web (4.5)
